GEM
  remote: https://rubygems.org/
  specs:
    activesupport (4.0.13)
      i18n (~> 0.6, >= 0.6.9)
      minitest (~> 4.2)
      multi_json (~> 1.3)
      thread_safe (~> 0.1)
      tzinfo (~> 0.3.37)
    eventmachine (1.2.5)
    eventmachine-distributed-notification (0.2.1)
      eventmachine
    i18n (0.8.6)
    json (2.1.0)
    minitest (4.7.5)
    multi_json (1.12.2)
    thread_safe (0.3.6)
    tzinfo (0.3.53)

PLATFORMS
  ruby

DEPENDENCIES
  activesupport (~> 4.0.0)
  eventmachine-distributed-notification
  json

BUNDLED WITH
   1.15.4
